GEM
  remote: https://rubygems.org/
  specs:
    builder (3.1.4)
    diff-lcs (1.1.3)
    facter (1.7.1)
    hiera (1.2.1)
      json_pure
    json_pure (1.8.0)
    kwalify (0.7.2)
    metaclass (0.0.1)
    mocha (0.12.7)
      metaclass (~> 0.0.1)
    net-scp (1.0.4)
      net-ssh (>= 1.99.1)
    net-ssh (2.6.7)
    nokogiri (1.5.6)
    puppet (3.2.1)
      facter (~> 1.6)
      hiera (~> 1.0)
      rgen (~> 0.6)
    puppet-lint (0.3.2)
    puppetlabs_spec_helper (0.3.0)
      mocha (>= 0.10.5)
      rake
      rspec (>= 2.9.0)
      rspec-puppet (>= 0.1.1)
    rake (0.9.2.2)
    rbvmomi (1.6.0)
      builder
      nokogiri (>= 1.4.1)
      trollop
    rgen (0.6.2)
    rspec (2.13.0)
      rspec-core (~> 2.13.0)
      rspec-expectations (~> 2.13.0)
      rspec-mocks (~> 2.13.0)
    rspec-core (2.13.1)
    rspec-expectations (2.13.0)
      diff-lcs (>= 1.1.3, < 2.0)
    rspec-mocks (2.13.1)
    rspec-puppet (0.1.5)
      rspec
    rspec-system (1.1.0)
      kwalify
      net-scp
      net-ssh (~> 2.6)
      rbvmomi
      rspec
      systemu
    rspec-system-puppet (1.0.2)
      rspec-system (~> 1.0)
    systemu (2.5.2)
    trollop (2.0)

PLATFORMS
  ruby

DEPENDENCIES
  puppet
  puppet-lint (~> 0.3.2)
  puppetlabs_spec_helper
  rake
  rspec-system-puppet (~> 1.0)
